PATH
  remote: .
  specs:
    shrine (1.1.0)
      down (>= 1.0.5)

GEM
  remote: https://rubygems.org/
  specs:
    activemodel (4.2.6)
      activesupport (= 4.2.6)
      builder (~> 3.1)
    activerecord (4.2.6)
      activemodel (= 4.2.6)
      activesupport (= 4.2.6)
      arel (~> 6.0)
    activesupport (4.2.6)
      i18n (~> 0.7)
      json (~> 1.7, >= 1.7.7)
      minitest (~> 5.1)
      thread_safe (~> 0.3, >= 0.3.4)
      tzinfo (~> 1.1)
    addressable (2.4.0)
    arel (6.0.3)
    aws-sdk (2.2.35)
      aws-sdk-resources (= 2.2.35)
    aws-sdk-core (2.2.35)
      jmespath (~> 1.0)
    aws-sdk-resources (2.2.35)
      aws-sdk-core (= 2.2.35)
    builder (3.2.2)
    coderay (1.1.1)
    crack (0.4.3)
      safe_yaml (~> 1.0.0)
    docile (1.1.5)
    dotenv (2.1.1)
    down (2.1.0)
    fastimage (2.0.0)
      addressable (~> 2)
    hashdiff (0.3.0)
    i18n (0.7.0)
    jmespath (1.2.4)
      json_pure (>= 1.8.1)
    json (1.8.3)
    json_pure (1.8.3)
    metaclass (0.0.4)
    method_source (0.8.2)
    mime-types (3.0)
      mime-types-data (~> 3.2015)
    mime-types-data (3.2016.0221)
    mimemagic (0.3.1)
    minitest (5.8.4)
    minitest-hooks (1.3.0)
    mocha (1.1.0)
      metaclass (~> 0.0.1)
    pry (0.10.3)
      coderay (~> 1.1.0)
      method_source (~> 0.8.1)
      slop (~> 3.4)
    rack (1.6.4)
    rack-test_app (1.0.0)
      rack
    rake (11.1.2)
    roda (2.13.0)
      rack
    ruby-filemagic (0.7.1)
    safe_yaml (1.0.4)
    sequel (4.33.0)
    simplecov (0.11.2)
      docile (~> 1.1.0)
      json (~> 1.8)
      simplecov-html (~> 0.10.0)
    simplecov-html (0.10.0)
    slop (3.6.0)
    sqlite3 (1.3.11)
    thread (0.2.2)
    thread_safe (0.3.5)
    tzinfo (1.2.2)
      thread_safe (~> 0.1)
    vcr (2.9.3)
    webmock (1.24.3)
      addressable (>= 2.3.6)
      crack (>= 0.3.2)
      hashdiff

PLATFORMS
  ruby

DEPENDENCIES
  activerecord
  aws-sdk
  dotenv
  fastimage
  mime-types
  mimemagic
  minitest (~> 5.8)
  minitest-hooks (~> 1.3.0)
  mocha
  pry
  rack-test_app
  rake
  roda
  ruby-filemagic (~> 0.7)
  sequel
  shrine!
  simplecov
  sqlite3
  thread (~> 0.2)
  vcr (~> 2.9)
  webmock

BUNDLED WITH
   1.11.2
